GEM
  remote: https://rubygems.org/
  specs:
    gosu (0.7.50)
    opengl (0.8.0)

PLATFORMS
  ruby

DEPENDENCIES
  gosu
  opengl
